GEM
  remote: https://rubygems.org/
  specs:
    gosu (0.10.8)

PLATFORMS
  ruby

DEPENDENCIES
  gosu (~> 0.10.8)

BUNDLED WITH
   2.0.2
